GEM
  remote: https://rubygems.org/
  specs:
    activesupport (4.2.1)
      i18n (~> 0.7)
      json (~> 1.7, >= 1.7.7)
      minitest (~> 5.1)
      thread_safe (~> 0.3, >= 0.3.4)
      tzinfo (~> 1.1)
    builder (3.2.2)
    capybara (2.4.4)
      mime-types (>= 1.16)
      nokogiri (>= 1.3.3)
      rack (>= 1.0.0)
      rack-test (>= 0.5.4)
      xpath (~> 2.0)
    database_cleaner (1.4.0)
    diff-lcs (1.2.5)
    dotenv (1.0.2)
    http_router (0.11.1)
      rack (>= 1.0.0)
      url_mount (~> 0.2.1)
    i18n (0.7.0)
    json (1.8.2)
    lotus-controller (0.4.0)
      lotus-utils (~> 0.4)
      lotus-validations (~> 0.3)
      rack (~> 1.5)
    lotus-helpers (0.1.0)
      lotus-utils (~> 0.4)
    lotus-model (0.3.0)
      lotus-utils (~> 0.4)
      sequel (~> 4.9)
    lotus-router (0.3.0)
      http_router (~> 0.11)
      lotus-utils (~> 0.4)
    lotus-utils (0.4.0)
    lotus-validations (0.3.0)
      lotus-utils (~> 0.4)
    lotus-view (0.4.0)
      lotus-utils (~> 0.4)
      tilt (~> 2.0, >= 2.0.1)
    lotusrb (0.3.0)
      dotenv (~> 1.0)
      lotus-controller (~> 0.4)
      lotus-helpers (~> 0.1)
      lotus-router (~> 0.3)
      lotus-utils (~> 0.4)
      lotus-view (~> 0.4)
      shotgun (~> 0.9)
      thor (~> 0.19)
    mime-types (2.4.3)
    mini_portile (0.6.2)
    minitest (5.5.1)
    nokogiri (1.6.6.2)
      mini_portile (~> 0.6.0)
    pg (0.18.1)
    rack (1.6.0)
    rack-test (0.6.3)
      rack (>= 1.0)
    rake (10.4.2)
    representative (1.0.5)
      activesupport (>= 2.2.2)
      builder (>= 2.1.2)
      i18n (>= 0.4.1)
      nokogiri (>= 1.4.2)
    rspec (3.2.0)
      rspec-core (~> 3.2.0)
      rspec-expectations (~> 3.2.0)
      rspec-mocks (~> 3.2.0)
    rspec-core (3.2.2)
      rspec-support (~> 3.2.0)
    rspec-expectations (3.2.0)
      diff-lcs (>= 1.2.0, < 2.0)
      rspec-support (~> 3.2.0)
    rspec-mocks (3.2.1)
      diff-lcs (>= 1.2.0, < 2.0)
      rspec-support (~> 3.2.0)
    rspec-support (3.2.2)
    sequel (4.20.0)
    shotgun (0.9.1)
      rack (>= 1.0)
    thor (0.19.1)
    thread_safe (0.3.5)
    tilt (2.0.1)
    tzinfo (1.2.2)
      thread_safe (~> 0.1)
    url_mount (0.2.1)
      rack
    xpath (2.0.0)
      nokogiri (~> 1.3)

PLATFORMS
  ruby

DEPENDENCIES
  bundler
  capybara
  database_cleaner
  lotus-model (~> 0.3)
  lotusrb (= 0.3.0)
  pg
  rake
  representative
  rspec
